GIT
  remote: git://github.com/jnicklas/capybara.git
  revision: 59f751f1c4dcd570175cfc33d2a87da2f4ac7544
  branch: master
  specs:
    capybara (2.2.0)
      mime-types (>= 1.16)
      nokogiri (>= 1.3.3)
      rack (>= 1.0.0)
      rack-test (>= 0.5.4)
      xpath (~> 2.0)

GEM
  remote: https://rubygems.org/
  specs:
    actionmailer (4.0.2)
      actionpack (= 4.0.2)
      mail (~> 2.5.4)
    actionpack (4.0.2)
      activesupport (= 4.0.2)
      builder (~> 3.1.0)
      erubis (~> 2.7.0)
      rack (~> 1.5.2)
      rack-test (~> 0.6.2)
    activemodel (4.0.2)
      activesupport (= 4.0.2)
      builder (~> 3.1.0)
    activerecord (4.0.2)
      activemodel (= 4.0.2)
      activerecord-deprecated_finders (~> 1.0.2)
      activesupport (= 4.0.2)
      arel (~> 4.0.0)
    activerecord-deprecated_finders (1.0.3)
    activesupport (4.0.2)
      i18n (~> 0.6, >= 0.6.4)
      minitest (~> 4.2)
      multi_json (~> 1.3)
      thread_safe (~> 0.1)
      tzinfo (~> 0.3.37)
    arel (4.0.2)
    bcrypt-ruby (3.1.2)
    builder (3.1.4)
    childprocess (0.5.2)
      ffi (~> 1.0, >= 1.0.11)
    coffee-rails (4.0.1)
      coffee-script (>= 2.2.0)
      railties (>= 4.0.0, < 5.0)
    coffee-script (2.2.0)
      coffee-script-source
      execjs
    coffee-script-source (1.7.0)
    diff-lcs (1.2.5)
    erubis (2.7.0)
    execjs (2.0.2)
    ffi (1.9.3)
    hike (1.2.3)
    i18n (0.6.9)
    jbuilder (1.0.2)
      activesupport (>= 3.0.0)
    jquery-rails (3.0.4)
      railties (>= 3.0, < 5.0)
      thor (>= 0.14, < 2.0)
    json (1.8.1)
    mail (2.5.4)
      mime-types (~> 1.16)
      treetop (~> 1.4.8)
    mime-types (1.25.1)
    mini_portile (0.5.3)
    minitest (4.7.5)
    multi_json (1.9.2)
    nokogiri (1.6.1)
      mini_portile (~> 0.5.0)
    polyglot (0.3.4)
    rack (1.5.2)
    rack-test (0.6.2)
      rack (>= 1.0)
    rails (4.0.2)
      actionmailer (= 4.0.2)
      actionpack (= 4.0.2)
      activerecord (= 4.0.2)
      activesupport (= 4.0.2)
      bundler (>= 1.3.0, < 2.0)
      railties (= 4.0.2)
      sprockets-rails (~> 2.0.0)
    railties (4.0.2)
      actionpack (= 4.0.2)
      activesupport (= 4.0.2)
      rake (>= 0.8.7)
      thor (>= 0.18.1, < 2.0)
    rake (10.2.2)
    rdoc (3.12.2)
      json (~> 1.4)
    rspec-collection_matchers (0.0.3)
      rspec-expectations (>= 2.99.0.beta1)
    rspec-core (3.0.0.beta2)
      rspec-support (= 3.0.0.beta2)
    rspec-expectations (3.0.0.beta2)
      diff-lcs (>= 1.2.0, < 2.0)
      rspec-support (= 3.0.0.beta2)
    rspec-mocks (3.0.0.beta2)
      rspec-support (= 3.0.0.beta2)
    rspec-rails (3.0.0.beta2)
      actionpack (>= 3.0)
      activemodel (>= 3.0)
      activesupport (>= 3.0)
      railties (>= 3.0)
      rspec-collection_matchers
      rspec-core (= 3.0.0.beta2)
      rspec-expectations (= 3.0.0.beta2)
      rspec-mocks (= 3.0.0.beta2)
      rspec-support (= 3.0.0.beta2)
    rspec-support (3.0.0.beta2)
    rubyzip (1.1.3)
    sass (3.2.19)
    sass-rails (4.0.2)
      railties (>= 4.0.0, < 5.0)
      sass (~> 3.2.0)
      sprockets (~> 2.8, <= 2.11.0)
      sprockets-rails (~> 2.0.0)
    sdoc (0.3.20)
      json (>= 1.1.3)
      rdoc (~> 3.10)
    selenium-webdriver (2.41.0)
      childprocess (>= 0.5.0)
      multi_json (~> 1.0)
      rubyzip (~> 1.0)
      websocket (~> 1.0.4)
    sprockets (2.11.0)
      hike (~> 1.2)
      multi_json (~> 1.0)
      rack (~> 1.0)
      tilt (~> 1.1, != 1.3.0)
    sprockets-rails (2.0.1)
      actionpack (>= 3.0)
      activesupport (>= 3.0)
      sprockets (~> 2.8)
    sqlite3 (1.3.8)
    thor (0.19.1)
    thread_safe (0.3.3)
    tilt (1.4.1)
    treetop (1.4.15)
      polyglot
      polyglot (>= 0.3.1)
    turbolinks (1.1.1)
      coffee-rails
    tzinfo (0.3.39)
    uglifier (2.1.1)
      execjs (>= 0.3.0)
      multi_json (~> 1.0, >= 1.0.2)
    websocket (1.0.7)
    xpath (2.0.0)
      nokogiri (~> 1.3)

PLATFORMS
  ruby

DEPENDENCIES
  bcrypt-ruby (= 3.1.2)
  capybara!
  coffee-rails (= 4.0.1)
  jbuilder (= 1.0.2)
  jquery-rails (= 3.0.4)
  rails (= 4.0.2)
  rspec-rails (~> 3.0.0.beta)
  sass-rails (= 4.0.2)
  sdoc (= 0.3.20)
  selenium-webdriver
  sqlite3 (= 1.3.8)
  turbolinks (= 1.1.1)
  uglifier (= 2.1.1)
